NUGET
  remote: https://www.nuget.org/api/v2
  specs:
    FAKE (4.20.0)
    FSharp.Compiler.Service (2.0.0.5)
    FSharp.Core (4.0.0.1)
    FSharp.Data (2.2.5) - framework: >= net45
    FsUnit (1.4.1)
      FSharp.Core (>= 3.1.2.5)
      NUnit (2.6.4)
    Newtonsoft.Json (8.0.2) - framework: >= net45
    NUnit (2.6.4)
    Suave (1.1.1) - framework: >= net45
      FSharp.Core (>= 3.1.2.5)
