NUGET
  remote: https://nuget.org/api/v2
  specs:
    FSharp.Core (4.0.0.1)
    FSharp.Data (2.2.5) - framework: >= net45
    FsUnit (1.3.1.0) - framework: >= net45
      NUnit (2.6.4)
    Newtonsoft.Json (7.0.1) - framework: >= net45
    NUnit (2.6.4) - framework: >= net45
    Suave (0.32.1) - framework: >= net45
      FSharp.Core (>= 3.1.2.5)
