NUGET
  remote: https://www.nuget.org/api/v2
    FAKE (4.27)
    FSharp.Compiler.Service (3.0)
    FSharp.Core (4.0.0.1)
    FSharp.Data (2.3) - framework: >= net45
    FsUnit (1.4.1)
      FSharp.Core (>= 3.1.2.5)
      NUnit (2.6.4)
    Newtonsoft.Json (9.0.1) - framework: >= net45
    NUnit (2.6.4)
    NUnit.Runners (2.6.4)
    OpenCover (4.6.519)
    ReportGenerator (2.4.5)
    Suave (1.1.3) - framework: >= net45
      FSharp.Core (>= 3.1.2.5)
